GEM
  remote: https://rubygems.org/
  specs:
    chunky_png (1.3.8)
    minitest (5.10.1)
    rake (12.0.0)
    rqrcode (0.10.1)
      chunky_png (~> 1.0)

PLATFORMS
  ruby

DEPENDENCIES
  minitest
  rake
  rqrcode

BUNDLED WITH
   1.11.2
